PATH
  remote: .
  specs:
    globalize3 (0.1.0.beta2)
      activemodel (>= 3.0.0)
      activerecord (>= 3.0.0)

GEM
  remote: http://rubygems.org/
  specs:
    activemodel (3.0.7)
      activesupport (= 3.0.7)
      builder (~> 2.1.2)
      i18n (~> 0.5.0)
    activerecord (3.0.7)
      activemodel (= 3.0.7)
      activesupport (= 3.0.7)
      arel (~> 2.0.2)
      tzinfo (~> 0.3.23)
    activesupport (3.0.7)
    archive-tar-minitar (0.5.2)
    arel (2.0.10)
    builder (2.1.2)
    columnize (0.3.2)
    database_cleaner (0.5.2)
    i18n (0.5.0)
    linecache19 (0.5.11)
      ruby_core_source (>= 0.1.4)
    mocha (0.9.10)
      rake
    pathname_local (0.0.2)
    rake (0.8.7)
    ruby-debug-base19 (0.11.24)
      columnize (>= 0.3.1)
      linecache19 (>= 0.5.11)
      ruby_core_source (>= 0.1.4)
    ruby-debug19 (0.11.6)
      columnize (>= 0.3.1)
      linecache19 (>= 0.5.11)
      ruby-debug-base19 (>= 0.11.19)
    ruby_core_source (0.1.4)
      archive-tar-minitar (>= 0.5.2)
    sqlite3-ruby (1.3.2)
    test_declarative (0.0.5)
    tzinfo (0.3.27)

PLATFORMS
  ruby

DEPENDENCIES
  database_cleaner (= 0.5.2)
  globalize3!
  mocha
  pathname_local
  ruby-debug19
  sqlite3-ruby
  test_declarative
